GEM
  remote: https://rubygems.org/
  specs:
    anthropic (1.1.1)
      connection_pool
    base64 (0.3.0)
    byebug (12.0.0)
    connection_pool (2.5.3)
    dotenv (3.1.8)
    logger (1.7.0)
    rexml (3.4.1)
    rubyzip (2.4.1)
    selenium-webdriver (4.34.0)
      base64 (~> 0.2)
      logger (~> 1.4)
      rexml (~> 3.2, >= 3.2.5)
      rubyzip (>= 1.2.2, < 3.0)
      websocket (~> 1.0)
    websocket (1.2.11)

PLATFORMS
  arm64-darwin-22
  ruby

DEPENDENCIES
  anthropic (~> 1.1.1)
  byebug (~> 12.0.0)
  dotenv (~> 3.1.8)
  selenium-webdriver (~> 4.0)

BUNDLED WITH
   2.7.1
